GEM
  remote: https://rubygems.org/
  specs:
    actioncable (5.2.1)
      actionpack (= 5.2.1)
      nio4r (~> 2.0)
      websocket-driver (>= 0.6.1)
    actionmailer (5.2.1)
      actionpack (= 5.2.1)
      actionview (= 5.2.1)
      activejob (= 5.2.1)
      mail (~> 2.5, >= 2.5.4)
      rails-dom-testing (~> 2.0)
    actionpack (5.2.1)
      actionview (= 5.2.1)
      activesupport (= 5.2.1)
      rack (~> 2.0)
      rack-test (>= 0.6.3)
      rails-dom-testing (~> 2.0)
      rails-html-sanitizer (~> 1.0, >= 1.0.2)
    actionview (5.2.1)
      activesupport (= 5.2.1)
      builder (~> 3.1)
      erubi (~> 1.4)
      rails-dom-testing (~> 2.0)
      rails-html-sanitizer (~> 1.0, >= 1.0.3)
    activejob (5.2.1)
      activesupport (= 5.2.1)
      globalid (>= 0.3.6)
    activemodel (5.2.1)
      activesupport (= 5.2.1)
    activemodel-serializers-xml (1.0.2)
      activemodel (> 5.x)
      activesupport (> 5.x)
      builder (~> 3.1)
    activerecord (5.2.1)
      activemodel (= 5.2.1)
      activesupport (= 5.2.1)
      arel (>= 9.0)
    activestorage (5.2.1)
      actionpack (= 5.2.1)
      activerecord (= 5.2.1)
      marcel (~> 0.3.1)
    activesupport (5.2.1)
      concurrent-ruby (~> 1.0, >= 1.0.2)
      i18n (>= 0.7, < 2)
      minitest (~> 5.1)
      tzinfo (~> 1.1)
    addressable (2.6.0)
      public_suffix (>= 2.0.2, < 4.0)
    arel (9.0.0)
    aws-eventstream (1.0.3)
    aws-partitions (1.160.0)
    aws-sdk-core (3.50.0)
      aws-eventstream (~> 1.0, >= 1.0.2)
      aws-partitions (~> 1.0)
      aws-sigv4 (~> 1.1)
      jmespath (~> 1.0)
    aws-sdk-kms (1.18.0)
      aws-sdk-core (~> 3, >= 3.48.2)
      aws-sigv4 (~> 1.1)
    aws-sdk-s3 (1.36.1)
      aws-sdk-core (~> 3, >= 3.48.2)
      aws-sdk-kms (~> 1)
      aws-sigv4 (~> 1.0)
    aws-sdk-sqs (1.13.0)
      aws-sdk-core (~> 3, >= 3.48.2)
      aws-sigv4 (~> 1.1)
    aws-sigv4 (1.1.0)
      aws-eventstream (~> 1.0, >= 1.0.2)
    bootsnap (1.4.4)
      msgpack (~> 1.0)
    bson (4.4.2)
    builder (3.2.3)
    concurrent-ruby (1.0.5)
    cool.io (1.5.4)
    crass (1.0.5)
    diff-lcs (1.3)
    dig_rb (1.0.1)
    docker-api (1.34.2)
      excon (>= 0.47.0)
      multi_json
    domain_name (0.5.20180417)
      unf (>= 0.0.5, < 1.0.0)
    draper (3.1.0)
      actionpack (>= 5.0)
      activemodel (>= 5.0)
      activemodel-serializers-xml (>= 1.0)
      activesupport (>= 5.0)
      request_store (>= 1.0)
    elasticsearch (7.0.0)
      elasticsearch-api (= 7.0.0)
      elasticsearch-transport (= 7.0.0)
    elasticsearch-api (7.0.0)
      multi_json
    elasticsearch-transport (7.0.0)
      faraday
      multi_json
    erubi (1.8.0)
    erubis (2.7.0)
    excon (0.71.0)
    faraday (0.15.4)
      multipart-post (>= 1.2, < 3)
    ffi (1.10.0)
    fluent-config-regexp-type (1.0.0)
      fluentd (> 1.0.0, < 2)
    fluent-logger (0.8.0)
      msgpack (>= 1.0.0, < 2)
    fluent-mixin-config-placeholders (0.4.0)
      fluentd
      uuidtools (>= 2.1.5)
    fluent-mixin-plaintextformatter (0.2.6)
      fluentd
      ltsv
    fluent-plugin-cadvisor (0.3.1)
      docker-api
      rest-client
    fluent-plugin-concat (2.3.0)
      fluentd (>= 0.14.0, < 2)
    fluent-plugin-detect-exceptions (0.0.12)
      fluentd (>= 0.10)
    fluent-plugin-docker_metadata_filter (0.1.3)
      docker-api
      fluentd
      lru_redux
    fluent-plugin-elasticsearch (3.5.0)
      elasticsearch
      excon
      fluentd (>= 0.14.22)
    fluent-plugin-flowcounter (1.3.0)
      fluentd (>= 0.14.0, < 2)
    fluent-plugin-geoip (1.3.1)
      dig_rb
      fluentd (>= 0.14.8, < 2)
      geoip-c
      geoip2_c
    fluent-plugin-grok-parser (2.5.1)
      fluentd (>= 0.14.6, < 2)
    fluent-plugin-ignore-filter (2.0.0)
      fluentd (>= 0.14.0, < 2)
    fluent-plugin-mongo (1.3.0)
      fluentd (>= 0.14.22, < 2)
      mongo (~> 2.6.0)
    fluent-plugin-multi-format-parser (1.0.0)
      fluentd (>= 0.14.0, < 2)
    fluent-plugin-prometheus (1.3.0)
      fluentd (>= 0.14.20, < 2)
      prometheus-client
    fluent-plugin-record-modifier (2.0.1)
      fluentd (>= 1.0, < 2)
    fluent-plugin-record-reformer (0.9.1)
      fluentd
    fluent-plugin-rewrite-tag-filter (2.2.0)
      fluent-config-regexp-type
      fluentd (>= 0.14.2, < 2)
    fluent-plugin-s3 (1.1.10)
      aws-sdk-s3 (~> 1.0)
      aws-sdk-sqs (~> 1.0)
      fluentd (>= 0.14.22, < 2)
    fluent-plugin-scribe (1.0.0)
      fluentd
      thrift (~> 0.8.0)
    fluent-plugin-secure-forward (0.4.5)
      fluentd (>= 0.10.46)
      proxifier
      resolve-hostname
    fluent-plugin-snmp (0.0.9)
      fluentd (>= 0.10.58)
      polling (= 0.1.5)
      snmp (~> 1.2.0)
    fluent-plugin-systemd (1.0.2)
      fluentd (>= 0.14.11, < 2)
      systemd-journal (~> 1.3.2)
    fluent-plugin-td (1.0.0)
      fluentd (>= 0.14.13, < 2)
      td-client (~> 1.0)
    fluent-plugin-td-monitoring (1.0.0)
      fluentd (>= 0.10.33)
      httpclient (~> 2.7)
      mixlib-cli (~> 1.7.0)
      mixlib-config (<= 2.2.4)
      mixlib-log (~> 1.7.1)
      mixlib-shellout (~> 2.2.7)
      ohai (~> 6.20.0)
    fluent-plugin-webhdfs (1.2.3)
      fluentd (>= 0.14.4)
      webhdfs (>= 0.6.0)
    fluentd (1.4.2)
      cool.io (>= 1.4.5, < 2.0.0)
      dig_rb (~> 1.0.0)
      http_parser.rb (>= 0.5.1, < 0.7.0)
      msgpack (>= 0.7.0, < 2.0.0)
      serverengine (>= 2.0.4, < 3.0.0)
      sigdump (~> 0.2.2)
      strptime (>= 0.2.2, < 1.0.0)
      tzinfo (~> 1.0)
      tzinfo-data (~> 1.0)
      yajl-ruby (~> 1.0)
    fluentd-ui (1.0.0.alpha.2)
      addressable
      bootsnap (>= 1.1.0)
      bundler
      diff-lcs
      draper (~> 3.0)
      fluentd (>= 1.0.0, < 2)
      font-awesome-rails
      haml-rails (~> 1.0)
      httpclient (~> 2.5)
      jbuilder (~> 2.0)
      kramdown (> 1.0.0)
      kramdown-haml
      puma
      rails (~> 5.2.0)
      rubyzip (~> 1.1)
      sass-rails (~> 5.0.7)
      settingslogic
      sucker_punch (~> 2.0.4)
      thor
      webpacker
    font-awesome-rails (4.7.0.5)
      railties (>= 3.2, < 6.1)
    geoip-c (0.9.1)
    geoip2_c (0.3.3)
    git (1.4.0)
    globalid (0.4.2)
      activesupport (>= 4.2.0)
    haml (5.0.4)
      temple (>= 0.8.0)
      tilt
    haml-rails (1.0.0)
      actionpack (>= 4.0.1)
      activesupport (>= 4.0.1)
      haml (>= 4.0.6, < 6.0)
      html2haml (>= 1.0.1)
      railties (>= 4.0.1)
    hirb (0.7.3)
    html2haml (2.2.0)
      erubis (~> 2.7.0)
      haml (>= 4.0, < 6)
      nokogiri (>= 1.6.0)
      ruby_parser (~> 3.5)
    http-cookie (1.0.3)
      domain_name (~> 0.5)
    http_parser.rb (0.6.0)
    httpclient (2.8.3)
    i18n (1.6.0)
      concurrent-ruby (~> 1.0)
    ipaddress (0.8.3)
    jbuilder (2.8.0)
      activesupport (>= 4.2.0)
      multi_json (>= 1.2)
    jmespath (1.4.0)
    kramdown (2.1.0)
    kramdown-haml (0.0.3)
      haml
    loofah (2.3.1)
      crass (~> 1.0.2)
      nokogiri (>= 1.5.9)
    lru_redux (1.1.0)
    ltsv (0.1.2)
    mail (2.7.1)
      mini_mime (>= 0.1.1)
    marcel (0.3.3)
      mimemagic (~> 0.3.2)
    method_source (0.9.2)
    mime-types (3.2.2)
      mime-types-data (~> 3.2015)
    mime-types-data (3.2019.0331)
    mimemagic (0.3.10)
      nokogiri (~> 1)
      rake
    mini_mime (1.0.1)
    mini_portile2 (2.5.1)
    minitest (5.11.3)
    mixlib-cli (1.7.0)
    mixlib-config (2.2.4)
    mixlib-log (1.7.1)
    mixlib-shellout (2.2.7)
    mongo (2.6.4)
      bson (>= 4.3.0, < 5.0.0)
    msgpack (1.2.10)
    multi_json (1.13.1)
    multipart-post (2.1.0)
    netrc (0.11.0)
    nio4r (2.3.1)
    nokogiri (1.11.5)
      mini_portile2 (~> 2.5.0)
      racc (~> 1.4)
    ohai (6.20.0)
      ipaddress
      mixlib-cli
      mixlib-config
      mixlib-log
      mixlib-shellout
      systemu (~> 2.5.2)
      yajl-ruby
    oj (3.6.13)
    parallel (1.17.0)
    polling (0.1.5)
    power_assert (1.1.4)
    prometheus-client (0.9.0)
      quantile (~> 0.2.1)
    proxifier (1.0.3)
    public_suffix (3.0.3)
    puma (3.12.1)
    quantile (0.2.1)
    racc (1.5.2)
    rack (2.2.2)
    rack-proxy (0.6.5)
      rack
    rack-test (1.1.0)
      rack (>= 1.0, < 3)
    rails (5.2.1)
      actioncable (= 5.2.1)
      actionmailer (= 5.2.1)
      actionpack (= 5.2.1)
      actionview (= 5.2.1)
      activejob (= 5.2.1)
      activemodel (= 5.2.1)
      activerecord (= 5.2.1)
      activestorage (= 5.2.1)
      activesupport (= 5.2.1)
      bundler (>= 1.3.0)
      railties (= 5.2.1)
      sprockets-rails (>= 2.0.0)
    rails-dom-testing (2.0.3)
      activesupport (>= 4.2.0)
      nokogiri (>= 1.6)
    rails-html-sanitizer (1.0.4)
      loofah (~> 2.2, >= 2.2.2)
    railties (5.2.1)
      actionpack (= 5.2.1)
      activesupport (= 5.2.1)
      method_source
      rake (>= 0.8.7)
      thor (>= 0.19.0, < 2.0)
    rake (12.3.2)
    rb-fsevent (0.10.3)
    rb-inotify (0.10.0)
      ffi (~> 1.0)
    request_store (1.4.1)
      rack (>= 1.4)
    resolve-hostname (0.1.0)
    rest-client (2.0.2)
      http-cookie (>= 1.0.2, < 2.0)
      mime-types (>= 1.16, < 4.0)
      netrc (~> 0.8)
    ruby-progressbar (1.10.0)
    ruby_parser (3.13.1)
      sexp_processor (~> 4.9)
    rubyzip (1.2.2)
    sass (3.7.4)
      sass-listen (~> 4.0.0)
    sass-listen (4.0.0)
      rb-fsevent (~> 0.9, >= 0.9.4)
      rb-inotify (~> 0.9, >= 0.9.7)
    sass-rails (5.0.7)
      railties (>= 4.0.0, < 6)
      sass (~> 3.1)
      sprockets (>= 2.8, < 4.0)
      sprockets-rails (>= 2.0, < 4.0)
      tilt (>= 1.1, < 3)
    serverengine (2.1.1)
      sigdump (~> 0.2.2)
    settingslogic (2.0.9)
    sexp_processor (4.12.0)
    sigdump (0.2.4)
    snmp (1.2.0)
    sprockets (3.7.2)
      concurrent-ruby (~> 1.0)
      rack (> 1, < 3)
    sprockets-rails (3.2.1)
      actionpack (>= 4.0)
      activesupport (>= 4.0)
      sprockets (>= 3.0.0)
    strptime (0.2.3)
    sucker_punch (2.0.4)
      concurrent-ruby (~> 1.0.0)
    systemd-journal (1.3.3)
      ffi (~> 1.9)
    systemu (2.5.2)
    td (0.16.4)
      hirb (>= 0.4.5)
      msgpack
      parallel (~> 1.8)
      ruby-progressbar (~> 1.7)
      rubyzip (>= 1.2.1)
      td-client (>= 1.0.6, < 2)
      td-logger (>= 0.3.21, < 2)
      yajl-ruby (~> 1.1)
      zip-zip (~> 0.3)
    td-client (1.0.6)
      httpclient (>= 2.7)
      msgpack (>= 0.5.6, < 2)
    td-logger (0.3.27)
      fluent-logger (>= 0.5.0, < 2.0)
      msgpack (>= 0.5.6, < 2.0)
      td-client (>= 0.8.66, < 2.0)
    temple (0.8.1)
    test-unit (3.3.3)
      power_assert
    thor (0.20.3)
    thread_safe (0.3.6)
    thrift (0.8.0)
    tilt (2.0.9)
    timers (4.3.0)
    tzinfo (1.2.5)
      thread_safe (~> 0.1)
    tzinfo-data (1.2019.1)
      tzinfo (>= 1.0.0)
    unf (0.1.4)
      unf_ext
    unf_ext (0.0.7.6)
    uuidtools (2.1.5)
    webhdfs (0.8.0)
      addressable
    webpacker (4.0.2)
      activesupport (>= 4.2)
      rack-proxy (>= 0.6.1)
      railties (>= 4.2)
    websocket-driver (0.7.0)
      websocket-extensions (>= 0.1.0)
    websocket-extensions (0.1.3)
    yajl-ruby (1.4.1)
    zip-zip (0.3)
      rubyzip (>= 1.0.0)

PLATFORMS
  ruby

DEPENDENCIES
  activesupport (~> 5.2.1)
  ffi
  fluent-logger
  fluent-mixin-config-placeholders
  fluent-mixin-plaintextformatter
  fluent-plugin-cadvisor
  fluent-plugin-concat
  fluent-plugin-detect-exceptions
  fluent-plugin-docker_metadata_filter
  fluent-plugin-elasticsearch
  fluent-plugin-flowcounter
  fluent-plugin-geoip
  fluent-plugin-grok-parser
  fluent-plugin-ignore-filter
  fluent-plugin-mongo
  fluent-plugin-multi-format-parser
  fluent-plugin-prometheus
  fluent-plugin-record-modifier
  fluent-plugin-record-reformer
  fluent-plugin-rewrite-tag-filter
  fluent-plugin-s3
  fluent-plugin-scribe
  fluent-plugin-secure-forward
  fluent-plugin-snmp
  fluent-plugin-systemd
  fluent-plugin-td
  fluent-plugin-td-monitoring
  fluent-plugin-webhdfs
  fluentd
  fluentd-ui (= 1.0.0.alpha.2)
  git (~> 1.4.0)
  lru_redux
  msgpack (~> 1.2.4)
  oj (~> 3.6.5)
  rails (= 5.2.1)
  rest-client (~> 2.0.2)
  sigdump
  snmp
  sprockets
  sprockets-rails
  sucker_punch
  systemd-journal
  systemu
  td
  td-client
  td-logger
  test-unit
  thor
  thread_safe
  thrift
  tilt
  timers
  tzinfo
  tzinfo-data
  unf
  uuidtools
  webhdfs
  yajl-ruby
  zip-zip

BUNDLED WITH
   1.16.2
